GEM
  remote: https://rubygems.org/
  specs:
    kramdown (2.1.0)
    minitest (5.11.3)
    rake (12.3.2)

PLATFORMS
  ruby

DEPENDENCIES
  kramdown
  minitest
  rake

BUNDLED WITH
   2.0.1
